PATH
  remote: .
  specs:
    validates_as_uri (0.1.1)
      activemodel (>= 3.0.0)

GEM
  remote: http://rubygems.org/
  specs:
    activemodel (3.0.1)
      activesupport (= 3.0.1)
      builder (~> 2.1.2)
      i18n (~> 0.4.1)
    activesupport (3.0.1)
    builder (2.1.2)
    i18n (0.4.1)

PLATFORMS
  ruby

DEPENDENCIES
  activemodel (>= 3.0.0)
  validates_as_uri!
